GEM
  remote: https://rubygems.org/
  specs:
    activemodel (7.1.0)
      activesupport (= 7.1.0)
    activesupport (7.1.0)
      base64
      bigdecimal
      concurrent-ruby (~> 1.0, >= 1.0.2)
      connection_pool (>= 2.2.5)
      drb
      i18n (>= 1.6, < 2)
      minitest (>= 5.1)
      mutex_m
      tzinfo (~> 2.0)
    aws-eventstream (1.2.0)
    aws-partitions (1.834.0)
    aws-sdk-core (3.185.1)
      aws-eventstream (~> 1, >= 1.0.2)
      aws-partitions (~> 1, >= 1.651.0)
      aws-sigv4 (~> 1.5)
      jmespath (~> 1, >= 1.6.1)
    aws-sdk-dynamodb (1.95.0)
      aws-sdk-core (~> 3, >= 3.184.0)
      aws-sigv4 (~> 1.1)
    aws-sigv4 (1.6.0)
      aws-eventstream (~> 1, >= 1.0.2)
    base64 (0.1.1)
    bigdecimal (3.1.4)
    concurrent-ruby (1.2.2)
    connection_pool (2.4.1)
    diff-lcs (1.5.0)
    drb (2.1.1)
      ruby2_keywords
    dynamoid (3.9.0)
      activemodel (>= 4)
      aws-sdk-dynamodb (~> 1.0)
      concurrent-ruby (>= 1.0)
    i18n (1.14.1)
      concurrent-ruby (~> 1.0)
    jmespath (1.6.2)
    minitest (5.20.0)
    mutex_m (0.1.2)
    nokogiri (1.15.4-x86_64-linux)
      racc (~> 1.4)
    racc (1.7.1)
    rake (13.0.6)
    rspec (3.12.0)
      rspec-core (~> 3.12.0)
      rspec-expectations (~> 3.12.0)
      rspec-mocks (~> 3.12.0)
    rspec-core (3.12.2)
      rspec-support (~> 3.12.0)
    rspec-expectations (3.12.3)
      diff-lcs (>= 1.2.0, < 2.0)
      rspec-support (~> 3.12.0)
    rspec-mocks (3.12.6)
      diff-lcs (>= 1.2.0, < 2.0)
      rspec-support (~> 3.12.0)
    rspec-support (3.12.1)
    ruby2_keywords (0.0.5)
    tzinfo (2.0.6)
      concurrent-ruby (~> 1.0)

PLATFORMS
  x86_64-linux

DEPENDENCIES
  aws-sdk-core
  aws-sdk-dynamodb
  dynamoid
  nokogiri
  rake
  rspec

BUNDLED WITH
   2.4.20
